PATH
  remote: ~/apps/ethereum-ruby
  specs:
    ethereum (1.5.2)
      activesupport
      digest-sha3 (~> 1.1)

GEM
  remote: http://rubygems.org/
  specs:
    activesupport (5.0.0)
      concurrent-ruby (~> 1.0, >= 1.0.2)
      i18n (~> 0.7)
      minitest (~> 5.1)
      tzinfo (~> 1.1)
    concurrent-ruby (1.0.2)
    digest-sha3 (1.1.0)
    hashie (3.4.4)
    i18n (0.7.0)
    minitest (5.9.0)
    thread_safe (0.3.5)
    tzinfo (1.2.2)
      thread_safe (~> 0.1)

PLATFORMS
  ruby

DEPENDENCIES
  ethereum!
  hashie

BUNDLED WITH
   1.12.5
