PATH
  remote: ~/apps/ethereum-ruby
  specs:
    ethereum (0.5.2)
      activesupport
      sha3-pure-ruby (= 0.1.1)

GEM
  remote: http://rubygems.org/
  specs:
    activesupport (4.2.6)
      i18n (~> 0.7)
      json (~> 1.7, >= 1.7.7)
      minitest (~> 5.1)
      thread_safe (~> 0.3, >= 0.3.4)
      tzinfo (~> 1.1)
    hashie (3.4.4)
    i18n (0.7.0)
    json (1.8.3)
    minitest (5.9.0)
    sha3-pure-ruby (0.1.1)
    thread_safe (0.3.5)
    tzinfo (1.2.2)
      thread_safe (~> 0.1)

PLATFORMS
  ruby

DEPENDENCIES
  ethereum!
  hashie

BUNDLED WITH
   1.12.5
